PATH
  remote: .
  specs:
    couchlogic (1.1.0)
      rest-client (~> 1.6.0)
      yajl-ruby (~> 1.0)

GEM
  remote: http://rubygems.org/
  specs:
    abstract (1.0.0)
    actionpack (3.0.11)
      activemodel (= 3.0.11)
      activesupport (= 3.0.11)
      builder (~> 2.1.2)
      erubis (~> 2.6.6)
      i18n (~> 0.5.0)
      rack (~> 1.2.1)
      rack-mount (~> 0.6.14)
      rack-test (~> 0.5.7)
      tzinfo (~> 0.3.23)
    activemodel (3.0.11)
      activesupport (= 3.0.11)
      builder (~> 2.1.2)
      i18n (~> 0.5.0)
    activesupport (3.0.11)
    builder (2.1.2)
    delayed_job (3.0.1)
      activesupport (~> 3.0)
    diff-lcs (1.1.3)
    erubis (2.6.6)
      abstract (>= 1.0.0)
    i18n (0.5.0)
    metaclass (0.0.1)
    mime-types (1.17.2)
    mocha (0.10.4)
      metaclass (~> 0.0.1)
    rack (1.2.5)
    rack-mount (0.6.14)
      rack (>= 1.0.0)
    rack-test (0.5.7)
      rack (>= 1.0)
    rest-client (1.6.7)
      mime-types (>= 1.16)
    rspec (2.8.0)
      rspec-core (~> 2.8.0)
      rspec-expectations (~> 2.8.0)
      rspec-mocks (~> 2.8.0)
    rspec-core (2.8.0)
    rspec-expectations (2.8.0)
      diff-lcs (~> 1.1.2)
    rspec-mocks (2.8.0)
    tzinfo (0.3.31)
    yajl-ruby (1.1.0)

PLATFORMS
  ruby

DEPENDENCIES
  actionpack (~> 3.0.0)
  activesupport (~> 3.0.0)
  couchlogic!
  delayed_job (~> 3.0.1)
  mocha (~> 0.10.4)
  rack (~> 1.2.5)
  rspec (~> 2.8.0)
